PATH
  remote: .
  specs:
    application (0.0)

GEM
  remote: http://rubygems.org/
  specs:
    addressable (2.2.6)
    bcrypt-ruby (2.1.4)
    chunky_png (1.2.0)
    coffee-filter (0.1.1)
      coffee-script (>= 2.2.0)
      haml (>= 3.0.18)
    coffee-script (2.2.0)
      coffee-script-source
      execjs
    coffee-script-source (1.1.2)
    compass (0.11.5)
      chunky_png (~> 1.2)
      fssm (>= 0.2.7)
      sass (~> 3.1)
    compass-susy-plugin (0.9)
      compass (>= 0.11.1)
    data_objects (0.10.6)
      addressable (~> 2.1)
    database_cleaner (0.6.7)
    diff-lcs (1.1.2)
    dm-core (1.1.0)
      addressable (~> 2.2.4)
    dm-do-adapter (1.1.0)
      data_objects (~> 0.10.2)
      dm-core (~> 1.1.0)
    dm-migrations (1.1.0)
      dm-core (~> 1.1.0)
    dm-mysql-adapter (1.1.0)
      dm-do-adapter (~> 1.1.0)
      do_mysql (~> 0.10.2)
    dm-sqlite-adapter (1.1.0)
      dm-do-adapter (~> 1.1.0)
      do_sqlite3 (~> 0.10.2)
    dm-types (1.1.0)
      bcrypt-ruby (~> 2.1.4)
      dm-core (~> 1.1.0)
      fastercsv (~> 1.5.4)
      json (~> 1.4.6)
      stringex (~> 1.2.0)
      uuidtools (~> 2.1.2)
    dm-validations (1.1.0)
      dm-core (~> 1.1.0)
    do_mysql (0.10.6)
      data_objects (= 0.10.6)
    do_sqlite3 (0.10.6)
      data_objects (= 0.10.6)
    execjs (1.2.4)
      multi_json (~> 1.0)
    extlib (0.9.15)
    fastercsv (1.5.4)
    fssm (0.2.7)
    haml (3.1.2)
    i18n (0.6.0)
    json (1.4.6)
    kgio (2.6.0)
    logger (1.2.8)
    multi_json (1.0.3)
    nokogiri (1.5.0)
    r18n-core (0.4.10)
    rack (1.3.2)
    rack-contrib (1.1.0)
      rack (>= 0.9.1)
    rack-flash (0.1.2)
      rack
    rack-test (0.6.1)
      rack (>= 1.0)
    raindrops (0.7.0)
    rake (0.9.2)
    rdiscount (1.6.8)
    rr (1.0.3)
    rspec (2.6.0)
      rspec-core (~> 2.6.0)
      rspec-expectations (~> 2.6.0)
      rspec-mocks (~> 2.6.0)
    rspec-core (2.6.4)
    rspec-expectations (2.6.0)
      diff-lcs (~> 1.1.2)
    rspec-mocks (2.6.0)
    sass (3.1.7)
    sinatra (1.2.6)
      rack (~> 1.1)
      tilt (< 2.0, >= 1.2.2)
    sinatra-config-file (0.6.1)
      sinatra (~> 1.0)
    sinatra-namespace (0.6.1)
      sinatra (~> 1.1)
    sinatra-r18n (0.4.10)
      r18n-core (= 0.4.10)
      sinatra (>= 0.9)
    stringex (1.2.2)
    tilt (1.3.2)
    tmail (1.2.7.1)
    unicorn (4.0.1)
      kgio (~> 2.4)
      rack
      raindrops (~> 0.6)
    uuidtools (2.1.2)
    webrat (0.7.3)
      nokogiri (>= 1.2.0)
      rack (>= 1.0)
      rack-test (>= 0.5.3)
    wirble (0.1.3)

PLATFORMS
  ruby

DEPENDENCIES
  application (= 0.0)!
  bcrypt-ruby
  coffee-filter
  compass
  compass-susy-plugin
  database_cleaner
  dm-core
  dm-migrations
  dm-mysql-adapter
  dm-sqlite-adapter
  dm-types
  dm-validations
  extlib
  haml
  i18n
  logger
  rack-contrib
  rack-flash
  rack-test
  rake
  rdiscount
  rr
  rspec
  sinatra
  sinatra-config-file
  sinatra-namespace
  sinatra-r18n
  stringex
  tmail
  unicorn
  webrat
  wirble
